GEM
  remote: https://rubygems.org/
  specs:
    activesupport (3.1.12)
      multi_json (~> 1.0)
    addressable (2.3.5)
    aurora (0.2.0)
      halcyon (>= 0.3.28)
    breakpoint (2.0.7)
      compass (>= 0.12.1)
      sass (>= 3.2.0)
    celluloid (0.15.2)
      timers (~> 1.1.0)
    chunky_png (1.2.9)
    coderay (1.0.9)
    color-schemer (0.2.7)
      compass (~> 0.12)
      compass-blend-modes (~> 0.0.2)
    compass (0.12.2)
      chunky_png (~> 1.2)
      fssm (>= 0.2.7)
      sass (~> 3.1)
    compass-blend-modes (0.0.2)
      compass
    compass-normalize (1.4.3)
      compass (>= 0.12.0)
    compass-rgbapng (0.2.1)
      chunky_png (>= 0.8.0)
      compass (>= 0.10.0)
    compass-validator (3.0.1)
    css_parser (1.3.5)
      addressable
    em-websocket (0.5.0)
      eventmachine (>= 0.12.9)
      http_parser.rb (~> 0.5.3)
    erubis (2.7.0)
    eventmachine (1.0.3)
    extlib (0.9.16)
    ffi (1.9.0)
    formatador (0.2.4)
    fssm (0.2.10)
    guard (2.1.0)
      formatador (>= 0.2.4)
      listen (~> 2.1)
      lumberjack (~> 1.0)
      pry (>= 0.9.12)
      thor (>= 0.18.1)
    guard-compass (1.0.0)
      compass (>= 0.10.5)
      guard (~> 2.0)
    guard-livereload (2.0.0)
      em-websocket (~> 0.5)
      guard (~> 2.0)
      multi_json (~> 1.8)
    guard-shell (0.5.1)
      guard (>= 1.1.0)
    halcyon (0.5.4)
      extlib (>= 0.9.5)
      json_pure (>= 1.1.2)
      merb-core (>= 0.9.5)
      rack (>= 0.4.0)
      rubigen (>= 1.2.4)
    http_parser.rb (0.5.3)
    json_pure (1.8.1)
    listen (2.1.1)
      celluloid (>= 0.15.2)
      rb-fsevent (>= 0.9.3)
      rb-inotify (>= 0.9)
    lumberjack (1.0.4)
    merb-core (1.1.3)
      bundler
      erubis (>= 2.6.2)
      extlib (>= 0.9.13)
      mime-types (>= 1.16)
      rack
      rake
    method_source (0.8.2)
    mime-types (1.25)
    multi_json (1.8.2)
    oily_png (1.1.0)
      chunky_png (~> 1.2.7)
    pry (0.9.12.2)
      coderay (~> 1.0.5)
      method_source (~> 0.8)
      slop (~> 3.4)
    rack (1.5.2)
    rake (10.1.0)
    rb-fchange (0.0.6)
      ffi
    rb-fsevent (0.9.3)
    rb-inotify (0.9.2)
      ffi (>= 0.5.0)
    respond-to (2.6)
      breakpoint (>= 1.3)
    rubigen (1.5.8)
      activesupport (>= 2.3.5, < 3.2.0)
    sass (3.2.12)
    sass-globbing (1.1.0)
      sass (>= 3.1)
    sassy-strings (1.0.0)
      compass (>= 0.12.2)
    singularitygs (1.1.2)
      breakpoint (>= 2.0.1)
      compass (>= 0.12.2)
      sass (>= 3.2.1)
    slop (3.4.6)
    susy (1.0.9)
      compass (>= 0.12.2)
      sass (>= 3.2.0)
    thor (0.18.1)
    timers (1.1.0)
    toolkit (1.3.8)
      breakpoint (>= 2.0.6)
      color-schemer (>= 0.2.7)
      compass (>= 0.12.2)
      sassy-strings (>= 1.0.0)
      singularitygs (>= 1.1.2)
    yajl-ruby (1.1.0)

PLATFORMS
  ruby

DEPENDENCIES
  aurora
  breakpoint
  compass
  compass-normalize
  compass-rgbapng
  compass-validator
  css_parser
  guard
  guard-compass
  guard-livereload
  guard-shell
  oily_png
  rb-fchange
  rb-fsevent
  rb-inotify (~> 0.9)
  respond-to
  sass
  sass-globbing
  singularitygs
  susy
  toolkit
  yajl-ruby
