GEM
  remote: https://rubygems.org/
  specs:
    activesupport (3.1.12)
      multi_json (~> 1.0)
    addressable (2.4.0)
    aurora (0.2.0)
      halcyon (>= 0.3.28)
    breakpoint (2.7.1)
      sass (~> 3.3)
      sassy-maps (< 1.0.0)
    chunky_png (1.3.11)
    compass (1.0.3)
      chunky_png (~> 1.2)
      compass-core (~> 1.0.2)
      compass-import-once (~> 1.0.5)
      rb-fsevent (>= 0.9.3)
      rb-inotify (>= 0.9)
      sass (>= 3.3.13, < 3.5)
    compass-core (1.0.3)
      multi_json (~> 1.0)
      sass (>= 3.3.0, < 3.5)
    compass-import-once (1.0.5)
      sass (>= 3.2, < 3.5)
    compass-normalize (1.5)
      compass (>= 0.12.0)
    compass-rgbapng (0.2.1)
      chunky_png (>= 0.8.0)
      compass (>= 0.10.0)
    compass-validator (3.0.1)
    css_parser (1.7.0)
      addressable
    erubis (2.7.0)
    extlib (0.9.16)
    ffi (1.10.0)
    halcyon (0.5.4)
      extlib (>= 0.9.5)
      json_pure (>= 1.1.2)
      merb-core (>= 0.9.5)
      rack (>= 0.4.0)
      rubigen (>= 1.2.4)
    json_pure (2.2.0)
    merb-core (1.1.3)
      bundler
      erubis (>= 2.6.2)
      extlib (>= 0.9.13)
      mime-types (>= 1.16)
      rack
      rake
    mime-types (2.99.3)
    multi_json (1.14.1)
    oily_png (1.2.1)
      chunky_png (~> 1.3.7)
    rack (1.6.11)
    rake (12.2.1)
    rb-fsevent (0.10.3)
    rb-inotify (0.9.10)
      ffi (>= 0.5.0, < 2)
    respond-to (2.6)
      breakpoint (>= 1.3)
    rubigen (1.5.8)
      activesupport (>= 2.3.5, < 3.2.0)
    sass (3.4.25)
    sass-globbing (1.1.5)
      sass (>= 3.1)
    sassy-maps (0.4.0)
      sass (~> 3.3)
    singularitygs (1.8.0)
      breakpoint (~> 2.4)
      sass (~> 3.3)
    susy (2.2.14)
      sass (>= 3.3.0, < 3.5)
    toolkit (2.10.2)
      sass (~> 3.3)

PLATFORMS
  ruby

DEPENDENCIES
  aurora
  breakpoint
  compass
  compass-normalize
  compass-rgbapng
  compass-validator
  css_parser
  oily_png
  respond-to
  sass
  sass-globbing
  singularitygs
  susy
  toolkit

RUBY VERSION
   ruby 1.9.3p545

BUNDLED WITH
   1.15.4
