GEM
  remote: https://rubygems.org/
  specs:
    activesupport (3.1.12)
      multi_json (~> 1.0)
    addressable (2.3.5)
    aurora (0.2.0)
      halcyon (>= 0.3.28)
    breakpoint (2.0.7)
      compass (>= 0.12.1)
      sass (>= 3.2.0)
    chunky_png (1.2.9)
    color-schemer (0.2.7)
      compass (~> 0.12)
      compass-blend-modes (~> 0.0.2)
    compass (0.12.2)
      chunky_png (~> 1.2)
      fssm (>= 0.2.7)
      sass (~> 3.1)
    compass-blend-modes (0.0.2)
      compass
    compass-normalize (1.4.3)
      compass (>= 0.12.0)
    compass-rgbapng (0.2.1)
      chunky_png (>= 0.8.0)
      compass (>= 0.10.0)
    compass-validator (3.0.1)
    css_parser (1.3.5)
      addressable
    erubis (2.7.0)
    extlib (0.9.16)
    fssm (0.2.10)
    halcyon (0.5.4)
      extlib (>= 0.9.5)
      json_pure (>= 1.1.2)
      merb-core (>= 0.9.5)
      rack (>= 0.4.0)
      rubigen (>= 1.2.4)
    json_pure (1.8.1)
    merb-core (1.1.3)
      bundler
      erubis (>= 2.6.2)
      extlib (>= 0.9.13)
      mime-types (>= 1.16)
      rack
      rake
    mime-types (1.25)
    multi_json (1.8.2)
    oily_png (1.1.0)
      chunky_png (~> 1.2.7)
    rack (2.0.7)
    rake (10.1.0)
    respond-to (2.6)
      breakpoint (>= 1.3)
    rubigen (1.5.8)
      activesupport (>= 2.3.5, < 3.2.0)
    sass (3.2.12)
    sass-globbing (1.1.0)
      sass (>= 3.1)
    sassy-strings (1.0.0)
      compass (>= 0.12.2)
    singularitygs (1.1.2)
      breakpoint (>= 2.0.1)
      compass (>= 0.12.2)
      sass (>= 3.2.1)
    susy (1.0.9)
      compass (>= 0.12.2)
      sass (>= 3.2.0)
    toolkit (1.3.8)
      breakpoint (>= 2.0.6)
      color-schemer (>= 0.2.7)
      compass (>= 0.12.2)
      sassy-strings (>= 1.0.0)
      singularitygs (>= 1.1.2)

PLATFORMS
  ruby

DEPENDENCIES
  aurora
  breakpoint
  compass
  compass-normalize
  compass-rgbapng
  compass-validator
  css_parser
  oily_png
  respond-to
  sass
  sass-globbing
  singularitygs
  susy
  toolkit
